GEM
  remote: https://rubygems.org/
  specs:
    abstract_type (0.0.7)
    activesupport (4.0.2)
      i18n (~> 0.6, >= 0.6.4)
      minitest (~> 4.2)
      multi_json (~> 1.3)
      thread_safe (~> 0.1)
      tzinfo (~> 0.3.37)
    adamantium (0.0.11)
      ice_nine (~> 0.8.0)
    addressable (2.3.5)
    anima (0.0.6)
      abstract_type (~> 0.0.4)
      adamantium (~> 0.0.6)
      backports (~> 3.0, >= 3.0.3)
      equalizer (~> 0.0.4)
    ast (1.1.0)
    atomic (1.1.14)
    awesome_print (1.2.0)
    backports (3.4.0)
    bcrypt-ruby (3.1.2)
    capybara (2.2.0)
      mime-types (>= 1.16)
      nokogiri (>= 1.3.3)
      rack (>= 1.0.0)
      rack-test (>= 0.5.4)
      xpath (~> 2.0)
    chronic (0.10.2)
    chunky_png (1.2.9)
    cliver (0.3.2)
    coderay (1.1.0)
    coffee-script (2.2.0)
      coffee-script-source
      execjs
    coffee-script-source (1.6.3)
    compass (0.12.2)
      chunky_png (~> 1.2)
      fssm (>= 0.2.7)
      sass (~> 3.1)
    concord (0.1.3)
      adamantium (~> 0.0.10)
      equalizer (~> 0.0.5)
    data_mapper (1.2.0)
      dm-aggregates (~> 1.2.0)
      dm-constraints (~> 1.2.0)
      dm-core (~> 1.2.0)
      dm-migrations (~> 1.2.0)
      dm-serializer (~> 1.2.0)
      dm-timestamps (~> 1.2.0)
      dm-transactions (~> 1.2.0)
      dm-types (~> 1.2.0)
      dm-validations (~> 1.2.0)
    data_objects (0.10.13)
      addressable (~> 2.1)
    database_cleaner (1.2.0)
    descendants_tracker (0.0.3)
    diff-lcs (1.2.5)
    dm-aggregates (1.2.0)
      dm-core (~> 1.2.0)
    dm-constraints (1.2.0)
      dm-core (~> 1.2.0)
    dm-core (1.2.1)
      addressable (~> 2.3)
    dm-do-adapter (1.2.0)
      data_objects (~> 0.10.6)
      dm-core (~> 1.2.0)
    dm-migrations (1.2.0)
      dm-core (~> 1.2.0)
    dm-postgres-adapter (1.2.0)
      dm-do-adapter (~> 1.2.0)
      do_postgres (~> 0.10.6)
    dm-serializer (1.2.2)
      dm-core (~> 1.2.0)
      fastercsv (~> 1.5)
      json (~> 1.6)
      json_pure (~> 1.6)
      multi_json (~> 1.0)
    dm-timestamps (1.2.0)
      dm-core (~> 1.2.0)
    dm-transactions (1.2.0)
      dm-core (~> 1.2.0)
    dm-types (1.2.2)
      bcrypt-ruby (~> 3.0)
      dm-core (~> 1.2.0)
      fastercsv (~> 1.5)
      json (~> 1.6)
      multi_json (~> 1.0)
      stringex (~> 1.4)
      uuidtools (~> 2.1)
    dm-validations (1.2.0)
      dm-core (~> 1.2.0)
    do_postgres (0.10.13)
      data_objects (= 0.10.13)
    equalizer (0.0.9)
    execjs (2.0.2)
    faraday (0.8.8)
      multipart-post (~> 1.2.0)
    fastercsv (1.5.5)
    ffaker (1.22.1)
    fssm (0.2.10)
    hashie (2.0.5)
    i18n (0.6.9)
    ice_nine (0.8.0)
    json (1.8.1)
    json_pure (1.8.1)
    kramdown (1.3.0)
    mbj-assets (0.0.7)
      abstract_type (~> 0.0.5)
      adamantium (~> 0.0.8)
      anima (~> 0.0.5)
      coffee-script (~> 2.2.0)
      concord (~> 0.1.1)
      descendants_tracker (~> 0.0.1)
      equalizer (~> 0.0.5)
      ice_nine (~> 0.8.0)
      request (~> 0.0.2)
      response (~> 0.0.2)
      sass (~> 3.2.4)
    mime-types (2.0)
    mini_portile (0.5.2)
    minitest (4.7.5)
    multi_json (1.8.2)
    multipart-post (1.2.0)
    nokogiri (1.6.1)
      mini_portile (~> 0.5.0)
    omniauth (1.1.4)
      hashie (>= 1.2, < 3)
      rack
    omniauth-browserid (0.0.1)
      faraday
      multi_json
      omniauth (~> 1.0)
    parser (2.1.1)
      ast (~> 1.1)
      slop (~> 3.4, >= 3.4.5)
    poltergeist (1.5.0)
      capybara (~> 2.1)
      cliver (~> 0.3.1)
      multi_json (~> 1.0)
      websocket-driver (>= 0.2.0)
    posix-spawn (0.3.8)
    powerpack (0.0.9)
    puma (2.7.1)
      rack (>= 1.1, < 2.0)
    pygments.rb (0.5.4)
      posix-spawn (~> 0.3.6)
      yajl-ruby (~> 1.1.0)
    rack (1.5.2)
    rack-protection (1.5.1)
      rack
    rack-test (0.6.2)
      rack (>= 1.0)
    rainbow (1.99.1)
    rake (10.1.1)
    request (0.0.4)
      abstract_type (~> 0.0.5)
      adamantium (~> 0.0.8)
      backports (~> 3.0, >= 3.0.3)
      concord (~> 0.1.0)
      equalizer (~> 0.0.5)
      ice_nine (~> 0.8.0)
    response (0.0.3)
      abstract_type (~> 0.0.5)
      adamantium (~> 0.0.8)
      concord (~> 0.1.0)
      equalizer (~> 0.0.5)
      ice_nine (~> 0.8.0)
    rinku (1.7.3)
    rspec (2.14.1)
      rspec-core (~> 2.14.0)
      rspec-expectations (~> 2.14.0)
      rspec-mocks (~> 2.14.0)
    rspec-core (2.14.7)
    rspec-expectations (2.14.4)
      diff-lcs (>= 1.1.3, < 2.0)
    rspec-mocks (2.14.4)
    rubocop (0.16.0)
      parser (~> 2.1)
      powerpack (~> 0.0.6)
      rainbow (>= 1.1.4)
    ruby-oembed (0.8.9)
    sanitize (2.0.6)
      nokogiri (>= 1.4.4)
    sass (3.2.13)
    schnitzelstyle (0.1.2)
      sass
    shotgun (0.9)
      rack (>= 1.0)
    sinatra (1.4.4)
      rack (~> 1.4)
      rack-protection (~> 1.4)
      tilt (~> 1.3, >= 1.3.4)
    sinatra-contrib (1.4.2)
      backports (>= 2.0)
      multi_json
      rack-protection
      rack-test
      sinatra (~> 1.4.0)
      tilt (~> 1.3)
    slim (2.0.2)
      temple (~> 0.6.6)
      tilt (>= 1.3.3, < 2.1)
    slodown (0.1.3)
      coderay (>= 1.0.0)
      kramdown (>= 0.14.0)
      rinku (>= 1.7.0)
      ruby-oembed (~> 0.8.8)
      sanitize (>= 2.0.0)
    slodown.py (1.0.1)
      pygments.rb
      slodown
    slop (3.4.7)
    stringex (1.5.1)
    substation (0.0.11.beta1)
      abstract_type (~> 0.0.6)
      adamantium (~> 0.0.10)
      concord (~> 0.1.2)
      equalizer (~> 0.0.5)
    temple (0.6.7)
    thread_safe (0.1.3)
      atomic
    tilt (1.4.1)
    timecop (0.7.1)
    tzinfo (0.3.38)
    uuidtools (2.1.4)
    websocket-driver (0.3.2)
    xpath (2.0.0)
      nokogiri (~> 1.3)
    yajl-ruby (1.1.0)

PLATFORMS
  ruby

DEPENDENCIES
  activesupport
  adamantium
  anima
  awesome_print
  capybara
  chronic
  compass
  concord
  data_mapper
  database_cleaner
  dm-postgres-adapter
  ffaker
  mbj-assets
  omniauth
  omniauth-browserid
  poltergeist
  puma
  rack
  rack-test
  rake
  rspec
  rubocop
  schnitzelstyle
  shotgun
  sinatra
  sinatra-contrib
  slim
  slodown.py
  substation (~> 0.0.10.beta1)
  timecop
